GEM
  remote: https://rubygems.org/
  specs:
    chunky_png (1.3.3)
    compass (0.12.2)
      chunky_png (~> 1.2)
      fssm (>= 0.2.7)
      sass (~> 3.1)
    fssm (0.2.10)
    sass (3.2.9)
    sass-globbing (1.1.1)
      sass (>= 3.1)

PLATFORMS
  ruby

DEPENDENCIES
  compass (= 0.12.2)
  sass (= 3.2.9)
  sass-globbing (>= 1.1.0)
